PATH
  remote: .
  specs:
    githack (0.1.0)
      git (~> 1.5)
      tty-spinner (~> 0.8)

GEM
  remote: https://rubygems.org/
  specs:
    diff-lcs (1.3)
    git (1.5.0)
    rake (10.5.0)
    rspec (3.8.0)
      rspec-core (~> 3.8.0)
      rspec-expectations (~> 3.8.0)
      rspec-mocks (~> 3.8.0)
    rspec-core (3.8.0)
      rspec-support (~> 3.8.0)
    rspec-expectations (3.8.1)
      diff-lcs (>= 1.2.0, < 2.0)
      rspec-support (~> 3.8.0)
    rspec-mocks (3.8.0)
      diff-lcs (>= 1.2.0, < 2.0)
      rspec-support (~> 3.8.0)
    rspec-support (3.8.0)
    tty-cursor (0.6.0)
    tty-spinner (0.8.0)
      tty-cursor (>= 0.5.0)

PLATFORMS
  ruby

DEPENDENCIES
  bundler (~> 1.16)
  githack!
  rake (~> 10.0)
  rspec (~> 3.0)

BUNDLED WITH
   1.16.1
